PATH
  remote: .
  specs:
    chjsonapi (0.3.2)
      curb (~> 0.8)
      json (~> 2.1)

GEM
  remote: https://rubygems.org/
  specs:
    curb (0.9.10)
    diff-lcs (1.2.5)
    json (2.3.1)
    rake (10.4.2)
    rspec (3.3.0)
      rspec-core (~> 3.3.0)
      rspec-expectations (~> 3.3.0)
      rspec-mocks (~> 3.3.0)
    rspec-core (3.3.1)
      rspec-support (~> 3.3.0)
    rspec-expectations (3.3.0)
      diff-lcs (>= 1.2.0, < 2.0)
      rspec-support (~> 3.3.0)
    rspec-mocks (3.3.1)
      diff-lcs (>= 1.2.0, < 2.0)
      rspec-support (~> 3.3.0)
    rspec-support (3.3.0)

PLATFORMS
  ruby

DEPENDENCIES
  bundler (~> 1.10)
  chjsonapi!
  rake (~> 10.0)
  rspec (~> 3.3)

BUNDLED WITH
   1.17.2
